GIT
  remote: https://github.com/OperationCode/operationcode-airtable
  revision: d9a13577b90ac3af599b08d058979750b4025a46
  specs:
    operationcode-airtable (0.2.1)
      activesupport
      airtable

GIT
  remote: https://github.com/OperationCode/operationcode-slack
  revision: aad8cffb05d929b8dd3f9493061266ddd0e1a259
  specs:
    operationcode-slack (0.6.0)
      activesupport
      httparty

GEM
  remote: https://rubygems.org/
  specs:
    activesupport (5.1.4)
      concurrent-ruby (~> 1.0, >= 1.0.2)
      i18n (~> 0.7)
      minitest (~> 5.1)
      tzinfo (~> 1.1)
    airtable (0.0.9)
      httparty
    ansi (1.5.0)
    builder (3.2.3)
    codeclimate-test-reporter (1.0.8)
      simplecov (<= 0.13)
    coderay (1.1.2)
    concurrent-ruby (1.0.5)
    docile (1.1.5)
    httparty (0.15.6)
      multi_xml (>= 0.5.2)
    i18n (0.8.6)
    json (2.1.0)
    metaclass (0.0.4)
    method_source (0.9.0)
    minitest (5.10.3)
    minitest-reporters (1.1.18)
      ansi
      builder
      minitest (>= 5.0)
      ruby-progressbar
    mocha (1.3.0)
      metaclass (~> 0.0.1)
    multi_xml (0.6.0)
    mustermann (1.0.1)
    pry (0.11.1)
      coderay (~> 1.1.0)
      method_source (~> 0.9.0)
    rack (2.0.3)
    rack-protection (2.0.0)
      rack
    rack-test (0.7.0)
      rack (>= 1.0, < 3)
    rake (12.1.0)
    rb-readline (0.5.5)
    ruby-progressbar (1.9.0)
    simplecov (0.13.0)
      docile (~> 1.1.0)
      json (>= 1.8, < 3)
      simplecov-html (~> 0.10.0)
    simplecov-html (0.10.2)
    sinatra (2.0.0)
      mustermann (~> 1.0)
      rack (~> 2.0)
      rack-protection (= 2.0.0)
      tilt (~> 2.0)
    thread_safe (0.3.6)
    tilt (2.0.8)
    tzinfo (1.2.3)
      thread_safe (~> 0.1)

PLATFORMS
  ruby

DEPENDENCIES
  activesupport
  airtable
  codeclimate-test-reporter (~> 1.0.0)
  httparty
  minitest
  minitest-reporters
  mocha
  operationcode-airtable!
  operationcode-slack!
  pry
  rack-test
  rake
  rb-readline
  simplecov
  sinatra

RUBY VERSION
   ruby 2.3.5p376

BUNDLED WITH
   1.15.4
